##TITLE= Parameter file, TopSpin 4.1.3
##JCAMPDX= 5.0
##DATATYPE= Parameter Values
##NPOINTS= 3	$$ modification sequence number
##ORIGIN= Bruker BioSpin GmbH
##OWNER= labo850
$$ 2022-04-04 23:31:23.353 +0200  labo850@RMN850n
$$ /opt/nmrdata/data/TGIR_Legein.1650/nmr/NaNbO2F2/210/scon2
$$ process /opt/topspin4.1.3/prog/mod/acqdataserver
##$BLKTR= (0..32)
3 3 3 3 3 3 3 3 3 3 3 3 3 3 3 3 3 3 3 3 3 3 3 3 3 3 3 3 3 3 3 3 3
##$DE1= 4.5
##$DEADC= 0.5
##$DEPA= 4.5
##$DERX= 1.5
##$GRADPRE= (0..1)
10 10
##$HD_BLKTR= (0..32)
1 1 1 1 1 1 1 1 1 1 1 1 1 1 1 1 1 1 1 1 1 1 1 1 1 1 1 1 1 1 1 1 1
##$HD_DE1= 5
##$HD_DEADC= 0
##$HD_DEPA= 2.5
##$HD_DERX= 0
##END=
